GEM
  remote: https://rubygems.org/
  specs:
    kramdown (2.4.0)
      rexml
    rexml (3.2.5)

PLATFORMS
  x86_64-darwin-20

DEPENDENCIES
  kramdown

BUNDLED WITH
   2.3.7
